GEM
  remote: http://rubygems.org/
  specs:
    activesupport (6.1.7.1)
      concurrent-ruby (~> 1.0, >= 1.0.2)
      i18n (>= 1.6, < 2)
      minitest (>= 5.1)
      tzinfo (~> 2.0)
      zeitwerk (~> 2.3)
    awesome_print (1.2.0)
    concurrent-ruby (1.1.10)
    diff-lcs (1.2.5)
    ethon (0.6.3)
      ffi (>= 1.3.0)
      mime-types (~> 1.18)
    ffi (1.9.3)
    frappuccino (0.2.0)
    i18n (1.12.0)
      concurrent-ruby (~> 1.0)
    mime-types (1.25.1)
    minitest (5.17.0)
    rspec (2.14.1)
      rspec-core (~> 2.14.0)
      rspec-expectations (~> 2.14.0)
      rspec-mocks (~> 2.14.0)
    rspec-core (2.14.8)
    rspec-expectations (2.14.5)
      diff-lcs (>= 1.1.3, < 2.0)
    rspec-mocks (2.14.6)
    typhoeus (0.6.7)
      ethon (~> 0.6.2)
    tzinfo (2.0.5)
      concurrent-ruby (~> 1.0)
    zeitwerk (2.6.6)

PLATFORMS
  ruby

DEPENDENCIES
  activesupport (~> 6.1.7)
  awesome_print (~> 1.2.0)
  frappuccino (~> 0.2.0)
  rspec (~> 2.14.1)
  typhoeus (~> 0.6.7)
