GEM
  remote: http://rubygems.org/
  specs:
    activesupport (4.0.4)
      i18n (~> 0.6, >= 0.6.9)
      minitest (~> 4.2)
      multi_json (~> 1.3)
      thread_safe (~> 0.1)
      tzinfo (~> 0.3.37)
    atomic (1.1.16)
    awesome_print (1.2.0)
    diff-lcs (1.2.5)
    ethon (0.6.3)
      ffi (>= 1.3.0)
      mime-types (~> 1.18)
    ffi (1.11.1)
    frappuccino (0.2.0)
    i18n (0.6.9)
    mime-types (1.25.1)
    minitest (4.7.5)
    multi_json (1.9.2)
    rspec (2.14.1)
      rspec-core (~> 2.14.0)
      rspec-expectations (~> 2.14.0)
      rspec-mocks (~> 2.14.0)
    rspec-core (2.14.8)
    rspec-expectations (2.14.5)
      diff-lcs (>= 1.1.3, < 2.0)
    rspec-mocks (2.14.6)
    thread_safe (0.3.1)
      atomic (>= 1.1.7, < 2)
    typhoeus (0.6.7)
      ethon (~> 0.6.2)
    tzinfo (0.3.39)

PLATFORMS
  ruby

DEPENDENCIES
  activesupport (~> 4.0.4)
  awesome_print (~> 1.2.0)
  frappuccino (~> 0.2.0)
  rspec (~> 2.14.1)
  typhoeus (~> 0.6.7)
